PATH
  remote: .
  specs:
    gemirro (1.2.0)
      addressable (~> 2.5)
      builder (~> 3.2)
      confstruct (~> 1.0)
      erubis (~> 2.7)
      httpclient (~> 2.8)
      parallel (~> 1.12)
      sinatra (~> 2.0.1)
      slop (~> 3.6)
      thin (~> 1.7)

GEM
  remote: https://rubygems.org/
  specs:
    addressable (2.5.2)
      public_suffix (>= 2.0.2, < 4.0)
    ast (2.4.0)
    builder (3.2.3)
    confstruct (1.0.2)
      hashie (~> 3.3)
    daemons (1.2.6)
    diff-lcs (1.3)
    docile (1.3.1)
    erubis (2.7.0)
    eventmachine (1.2.7)
    fakefs (0.14.2)
    hashie (3.6.0)
    httpclient (2.8.3)
    json (2.1.0)
    mustermann (1.0.3)
    parallel (1.12.1)
    parser (2.5.1.0)
      ast (~> 2.4.0)
    powerpack (0.1.1)
    public_suffix (3.0.3)
    rack (2.0.8)
    rack-protection (2.0.3)
      rack
    rack-test (0.8.3)
      rack (>= 1.0, < 3)
    rainbow (3.0.0)
    rake (12.3.1)
    rspec (3.7.0)
      rspec-core (~> 3.7.0)
      rspec-expectations (~> 3.7.0)
      rspec-mocks (~> 3.7.0)
    rspec-core (3.7.1)
      rspec-support (~> 3.7.0)
    rspec-expectations (3.7.0)
      diff-lcs (>= 1.2.0, < 2.0)
      rspec-support (~> 3.7.0)
    rspec-mocks (3.7.0)
      diff-lcs (>= 1.2.0, < 2.0)
      rspec-support (~> 3.7.0)
    rspec-support (3.7.1)
    rubocop (0.56.0)
      parallel (~> 1.10)
      parser (>= 2.5)
      powerpack (~> 0.1)
      rainbow (>= 2.2.2, < 4.0)
      ruby-progressbar (~> 1.7)
      unicode-display_width (~> 1.0, >= 1.0.1)
    ruby-progressbar (1.9.0)
    simplecov (0.16.1)
      docile (~> 1.1)
      json (>= 1.8, < 3)
      simplecov-html (~> 0.10.0)
    simplecov-html (0.10.2)
    sinatra (2.0.3)
      mustermann (~> 1.0)
      rack (~> 2.0)
      rack-protection (= 2.0.3)
      tilt (~> 2.0)
    slop (3.6.0)
    thin (1.7.2)
      daemons (~> 1.0, >= 1.0.9)
      eventmachine (~> 1.0, >= 1.0.4)
      rack (>= 1, < 3)
    tilt (2.0.8)
    unicode-display_width (1.3.3)

PLATFORMS
  ruby

DEPENDENCIES
  fakefs (~> 0.11)
  gemirro!
  rack-test (~> 0.7)
  rake (~> 12.1)
  rspec (~> 3.7)
  rubocop (~> 0.51)
  simplecov (~> 0.15)

BUNDLED WITH
   1.17.1
