PATH
  remote: .
  specs:
    gemirro (1.3.0)
      addressable (~> 2.5)
      builder (~> 3.2)
      confstruct (~> 1.0)
      erubis (~> 2.7)
      httpclient (~> 2.8)
      parallel (~> 1.20)
      sinatra (~> 2.0.1)
      sinatra-static-assets (~> 1.0)
      slop (~> 3.6)
      thin (~> 1.7)

GEM
  remote: https://rubygems.org/
  specs:
    addressable (2.8.0)
      public_suffix (>= 2.0.2, < 5.0)
    ast (2.4.2)
    builder (3.2.4)
    confstruct (1.0.2)
      hashie (~> 3.3)
    daemons (1.3.1)
    diff-lcs (1.4.4)
    docile (1.3.5)
    erubis (2.7.0)
    eventmachine (1.2.7)
    fakefs (1.3.2)
    hashie (3.6.0)
    httpclient (2.8.3)
    mustermann (1.1.1)
      ruby2_keywords (~> 0.0.1)
    parallel (1.20.1)
    parser (3.0.0.0)
      ast (~> 2.4.1)
    public_suffix (4.0.6)
    rack (2.2.3)
    rack-protection (2.0.8.1)
      rack
    rack-test (1.1.0)
      rack (>= 1.0, < 3)
    rainbow (3.0.0)
    rake (13.0.3)
    regexp_parser (2.1.1)
    rexml (3.2.5)
    rspec (3.10.0)
      rspec-core (~> 3.10.0)
      rspec-expectations (~> 3.10.0)
      rspec-mocks (~> 3.10.0)
    rspec-core (3.10.1)
      rspec-support (~> 3.10.0)
    rspec-expectations (3.10.1)
      diff-lcs (>= 1.2.0, < 2.0)
      rspec-support (~> 3.10.0)
    rspec-mocks (3.10.2)
      diff-lcs (>= 1.2.0, < 2.0)
      rspec-support (~> 3.10.0)
    rspec-support (3.10.2)
    rubocop (1.11.0)
      parallel (~> 1.10)
      parser (>= 3.0.0.0)
      rainbow (>= 2.2.2, < 4.0)
      regexp_parser (>= 1.8, < 3.0)
      rexml
      rubocop-ast (>= 1.2.0, < 2.0)
      ruby-progressbar (~> 1.7)
      unicode-display_width (>= 1.4.0, < 3.0)
    rubocop-ast (1.4.1)
      parser (>= 2.7.1.5)
    ruby-progressbar (1.11.0)
    ruby2_keywords (0.0.4)
    simplecov (0.21.2)
      docile (~> 1.1)
      simplecov-html (~> 0.11)
      simplecov_json_formatter (~> 0.1)
    simplecov-html (0.12.3)
    simplecov_json_formatter (0.1.2)
    sinatra (2.0.8.1)
      mustermann (~> 1.0)
      rack (~> 2.0)
      rack-protection (= 2.0.8.1)
      tilt (~> 2.0)
    sinatra-static-assets (1.0.4)
      sinatra (>= 1.1.0)
    slop (3.6.0)
    thin (1.8.0)
      daemons (~> 1.0, >= 1.0.9)
      eventmachine (~> 1.0, >= 1.0.4)
      rack (>= 1, < 3)
    tilt (2.0.10)
    unicode-display_width (2.0.0)

PLATFORMS
  ruby

DEPENDENCIES
  fakefs (~> 1)
  gemirro!
  rack-test (~> 1.1)
  rake (~> 13)
  rspec (~> 3.10)
  rubocop (~> 1)
  simplecov (~> 0.21)

BUNDLED WITH
   2.1.4
